GEM
  remote: https://rubygems.org/
  specs:
    fxruby (1.6.28)

PLATFORMS
  ruby

DEPENDENCIES
  fxruby
